PATH
  remote: .
  specs:
    media_types (2.0.1)

GEM
  remote: https://rubygems.org/
  specs:
    ansi (1.5.0)
    awesome_print (1.8.0)
    builder (3.2.4)
    docile (1.3.2)
    minitest (5.14.0)
    minitest-reporters (1.4.2)
      ansi
      builder
      minitest (>= 5.0)
      ruby-progressbar
    oj (3.10.5)
    rake (13.0.1)
    ruby-progressbar (1.10.1)
    simplecov (0.18.5)
      docile (~> 1.1)
      simplecov-html (~> 0.11)
    simplecov-html (0.12.2)

PLATFORMS
  ruby

DEPENDENCIES
  awesome_print
  bundler (>= 1.16.1)
  media_types!
  minitest (~> 5.0)
  minitest-reporters
  oj
  rake (>= 12.0)
  simplecov

BUNDLED WITH
   1.17.3
