PATH
  remote: .
  specs:
    media_types (2.1.1)

GEM
  remote: https://rubygems.org/
  specs:
    ansi (1.5.0)
    awesome_print (1.9.2)
    builder (3.2.4)
    docile (1.4.0)
    minitest (5.14.4)
    minitest-reporters (1.4.3)
      ansi
      builder
      minitest (>= 5.0)
      ruby-progressbar
    oj (3.13.6)
    rake (13.0.6)
    ruby-progressbar (1.11.0)
    simplecov (0.21.2)
      docile (~> 1.1)
      simplecov-html (~> 0.11)
      simplecov_json_formatter (~> 0.1)
    simplecov-html (0.12.3)
    simplecov_json_formatter (0.1.3)

PLATFORMS
  x64-mingw32

DEPENDENCIES
  awesome_print
  bundler (>= 2)
  media_types!
  minitest
  minitest-reporters
  oj
  rake
  simplecov

BUNDLED WITH
   2.2.17
