PATH
  remote: .
  specs:
    media_types (2.3.3)

GEM
  remote: https://rubygems.org/
  specs:
    ansi (1.5.0)
    awesome_print (1.9.2)
    bigdecimal (3.1.8)
    builder (3.2.4)
    docile (1.4.0)
    minitest (5.18.0)
    minitest-reporters (1.6.0)
      ansi
      builder
      minitest (>= 5.0)
      ruby-progressbar
    oj (3.16.5)
      bigdecimal (>= 3.0)
      ostruct (>= 0.2)
    ostruct (0.6.0)
    rake (13.0.6)
    ruby-progressbar (1.13.0)
    simplecov (0.22.0)
      docile (~> 1.1)
      simplecov-html (~> 0.11)
      simplecov_json_formatter (~> 0.1)
    simplecov-html (0.12.3)
    simplecov_json_formatter (0.1.4)

PLATFORMS
  x64-mingw32

DEPENDENCIES
  awesome_print
  bundler (>= 2)
  media_types!
  minitest
  minitest-reporters
  oj
  rake
  simplecov

BUNDLED WITH
   2.1.4
