PATH
  remote: .
  specs:
    media_types (2.0.1)

GEM
  remote: https://rubygems.org/
  specs:
    ansi (1.5.0)
    awesome_print (1.9.2)
    builder (3.2.4)
    docile (1.3.4)
    minitest (5.14.4)
    minitest-reporters (1.4.3)
      ansi
      builder
      minitest (>= 5.0)
      ruby-progressbar
    oj (3.11.2)
    rake (13.0.1)
    ruby-progressbar (1.11.0)
    simplecov (0.21.2)
      docile (~> 1.1)
      simplecov-html (~> 0.11)
      simplecov_json_formatter (~> 0.1)
    simplecov-html (0.12.3)
    simplecov_json_formatter (0.1.2)

PLATFORMS
  ruby

DEPENDENCIES
  awesome_print
  bundler (>= 1.16.1)
  media_types!
  minitest (~> 5.0)
  minitest-reporters
  oj
  rake (>= 12.0)
  simplecov

BUNDLED WITH
   1.17.3
